GEM
  remote: https://rubygems.org/
  specs:
    ruby-termios (1.0.2)

PLATFORMS
  ruby

DEPENDENCIES
  ruby-termios!

RUBY VERSION
   ruby 2.3.0p0

BUNDLED WITH
   1.15.4
